GIT
  remote: git://github.com/WilburJ/god-xiaomi.git
  revision: 64073cbe9c9ce306e55fb217683b4c42d8a3f58b
  specs:
    god (1.13.2)

GEM
  specs:
    builder (3.2.0)
    daemons (1.1.9)
    eventmachine (1.0.3)
    rack (1.5.2)
    rack-protection (1.5.0)
      rack
    rack-rpc (0.0.6)
      builder (>= 2.1.2)
      rack (>= 1.0)
    sinatra (1.4.2)
      rack (~> 1.5, >= 1.5.2)
      rack-protection (~> 1.4)
      tilt (~> 1.3, >= 1.3.4)
    thin (1.5.1)
      daemons (>= 1.0.9)
      eventmachine (>= 0.12.6)
      rack (>= 1.0.0)
    thor (0.18.1)
    tilt (1.3.6)

PLATFORMS
  ruby

DEPENDENCIES
  god!
  rack-rpc
  sinatra
  thin
  thor
